PATH
  remote: .
  specs:
    realstats (0.0.1)
      bunny
      em-websocket
      rack
      sinatra

GEM
  remote: https://rubygems.org/
  specs:
    amq-protocol (1.7.0)
    bunny (0.10.2)
      amq-protocol (>= 1.6.0)
    em-websocket (0.5.0)
      eventmachine (>= 0.12.9)
      http_parser.rb (~> 0.5.3)
    eventmachine (1.0.3)
    http_parser.rb (0.5.3)
    rack (1.5.2)
    rack-protection (1.5.0)
      rack
    rake (10.1.0)
    sinatra (1.4.3)
      rack (~> 1.4)
      rack-protection (~> 1.4)
      tilt (~> 1.3, >= 1.3.4)
    tilt (1.4.1)

PLATFORMS
  ruby

DEPENDENCIES
  rake
  realstats!
